GIT
  remote: git://github.com/localhots/musicbrainz.git
  revision: f5e53369f3f603d69e48c89aa71dfd656bf7c6e1
  branch: 0.8.0.rc1
  specs:
    musicbrainz (0.7.6)
      faraday
      nokogiri (~> 1.6.5)
      roxml (~> 3.3.1)

GIT
  remote: git://github.com/vigetlabs/acts_as_markup.git
  revision: d654f61ad06a2dba5fca5c7a84615654d8ae583e
  specs:
    acts_as_markup (2.0.2)
      activerecord (>= 3.0.20)
      activesupport (>= 3.0.20)
      rdiscount

GIT
  remote: git://github.com/volontarian/ruby-lastfm.git
  revision: e9c03f05af859e46c1ed79b56604eea53b0557a9
  branch: handle_nil_releasedates
  specs:
    lastfm (1.27.0)
      activesupport (>= 3.2.0)
      httparty
      xml-simple

GIT
  remote: git://github.com/volontariat/voluntary-ember_js.git
  revision: 3dc06d672860165b9129a9a07f73cab051d661f7
  specs:
    voluntary-ember_js (0.0.3)
      ember-data-source (= 1.13.8)
      ember-rails (~> 0.19.0)
      ember-source (= 1.13.8)
      voluntary (~> 0.5.0)

GIT
  remote: git://github.com/volontariat/voluntary.git
  revision: 5189d4c473e6158c0894557ab2826a03a5d0f1d1
  specs:
    voluntary (0.5.2)
      active_model_serializers (~> 0.9.3)
      activerecord-deprecated_finders (~> 1.0.3)
      activerecord-import (~> 0.4.1)
      acts-as-taggable-on (~> 2.4.1)
      acts_as_list (~> 0.4.0)
      ancestry (~> 2.0.0)
      auto_html (~> 1.6.4)
      bitmask_attributes (~> 1.0.0)
      bootstrap-datetimepicker-rails (~> 0.0.11)
      bootstrap-sass-rails (~> 3.1.0.0)
      cancan (~> 1.6.10)
      coffee-rails (~> 4.1.0)
      coffee-script (~> 2.2.0)
      country_select (~> 1.3.1)
      devise (~> 3.4.1)
      devise-encryptable (~> 0.2.0)
      diffy (~> 3.0.1)
      facebox-rails (~> 0.2.0)
      faker (~> 1.2.0)
      faraday (~> 0.9.1)
      faraday_middleware (~> 0.9.0)
      font-awesome-rails (~> 4.0.3.1)
      foreigner (~> 1.1.0)
      foreman (~> 0.46)
      friendly_id (~> 5.0.0)
      gon (~> 5.0.1)
      handlebars_assets (~> 0.15)
      has_scope (~> 0.5.1)
      http_accept_language (~> 1.0.2)
      httparty (~> 0.13.5)
      i18n-inflector-rails (~> 1.0)
      jquery-rails (= 2.2.2)
      jquery-ui-bootstrap-rails-asset (~> 0.0.3)
      json (~> 1.8.1)
      koala (~> 1.8.0)
      messagebus_ruby_api (~> 1.0.3)
      mongoid (~> 4.0.0.alpha2)
      mongoid-history (~> 0.4.1)
      mongoid_slug (~> 3.2.0)
      omniauth (~> 1.2.2)
      omniauth-facebook (~> 2.0.0)
      omniauth-google-oauth2 (~> 0.2.6)
      omniauth-lastfm (~> 0.0.6)
      paper_trail (~> 3.0.0)
      pg (~> 0.17.1)
      protected_attributes (~> 1.0.5)
      rails (~> 4.2.1)
      rails-i18n (~> 4.0.1)
      rails_autolink (~> 1.1.5)
      redcarpet (~> 3.2.3)
      remotipart (~> 1.0)
      rubyzip (~> 1.1.0)
      sass-rails (~> 5.0)
      selectize-rails (~> 0.12.0)
      simple-navigation (~> 3.11.0)
      simple-navigation-bootstrap (~> 1.0.0)
      simple_form (~> 3.1.0)
      slim (~> 2.0.2)
      state_machine (~> 1.2.0)
      typhoeus (~> 0.5.3)
      uglifier (~> 2.4.0)
      versionist (~> 1.2.1)
      will_paginate (~> 3.0.7)
      will_paginate_mongoid (~> 2.0.1)
      zip-zip (~> 0.2)

GIT
  remote: git://github.com/volontariat/voluntary_brainstorming.git
  revision: 27c3f355e34e62355b6905847ad26415715a9c58
  specs:
    voluntary_brainstorming (0.0.2)
      message_bus (~> 1.0.16)
      voluntary (~> 0.5.0)

GIT
  remote: git://github.com/volontariat/voluntary_classified_advertisement.git
  revision: 8dccb92b5240da5f198571f7de962bd94ab38097
  specs:
    voluntary_classified_advertisement (0.2.0)
      voluntary (~> 0.5.0)

GIT
  remote: git://github.com/volontariat/voluntary_music_metadata_enrichment.git
  revision: c52346f467f0c4dc1d68fa24b09b0b365da9c777
  specs:
    voluntary_music_metadata_enrichment (0.2.0)
      lastfm (~> 1.27.0)
      musicbrainz
      voluntary (~> 0.5.0)

GIT
  remote: git://github.com/volontariat/voluntary_ranking.git
  revision: 7d70e980a1793b363b939962f1c1f21f03bfc6db
  specs:
    voluntary_ranking (0.0.1)
      voluntary (~> 0.5.0)
      voluntary-ember_js (~> 0.0.1)

GIT
  remote: git://github.com/volontariat/voluntary_recruiting.git
  revision: 9a406da03845cddaaef31f5a38e19d71a24832f3
  specs:
    voluntary_recruiting (0.0.1)
      voluntary (~> 0.5.0)

GIT
  remote: git://github.com/volontariat/voluntary_scholarship.git
  revision: 6b0c473d6b35b6f57efbf0f68180dfafea1331d2
  specs:
    voluntary_scholarship (0.1.0)
      voluntary (~> 0.5.0)

GIT
  remote: git://github.com/volontariat/voluntary_text_creation.git
  revision: 0e80b1922bc374c0e010833757fbb42aaff497cd
  specs:
    voluntary_text_creation (0.2.0)
      voluntary (~> 0.5.0)

GIT
  remote: git://github.com/volontariat/voluntary_translation.git
  revision: 8031057e83e8475f62155944b52ba3e9ed67a20a
  specs:
    voluntary_translation (0.2.0)
      voluntary (~> 0.5.0)

GIT
  remote: https://github.com/binarylogic/settingslogic.git
  revision: 0ae134bc6b93463bb0bc406e5b0df82ed07fc53f
  specs:
    settingslogic (2.0.9)

GIT
  remote: https://github.com/pivotal/jasmine-gem.git
  revision: 869cae76cf1a755e45531998d7a150bfcd37da69
  specs:
    jasmine (2.3.0)
      jasmine-core (~> 2.3)
      phantomjs
      rack (>= 1.2.1)
      rake

GEM
  remote: http://rubygems.org/
  specs:
    CFPropertyList (2.3.1)
    actionmailer (4.2.4)
      actionpack (= 4.2.4)
      actionview (= 4.2.4)
      activejob (= 4.2.4)
      mail (~> 2.5, >= 2.5.4)
      rails-dom-testing (~> 1.0, >= 1.0.5)
    actionpack (4.2.4)
      actionview (= 4.2.4)
      activesupport (= 4.2.4)
      rack (~> 1.6)
      rack-test (~> 0.6.2)
      rails-dom-testing (~> 1.0, >= 1.0.5)
      rails-html-sanitizer (~> 1.0, >= 1.0.2)
    actionview (4.2.4)
      activesupport (= 4.2.4)
      builder (~> 3.1)
      erubis (~> 2.7.0)
      rails-dom-testing (~> 1.0, >= 1.0.5)
      rails-html-sanitizer (~> 1.0, >= 1.0.2)
    active-model-adapter-source (2.0.1)
      ember-data-source (>= 1.13, < 3.0)
    active_model_serializers (0.9.3)
      activemodel (>= 3.2)
    activejob (4.2.4)
      activesupport (= 4.2.4)
      globalid (>= 0.3.0)
    activemodel (4.2.4)
      activesupport (= 4.2.4)
      builder (~> 3.1)
    activerecord (4.2.4)
      activemodel (= 4.2.4)
      activesupport (= 4.2.4)
      arel (~> 6.0)
    activerecord-deprecated_finders (1.0.4)
    activerecord-import (0.4.1)
      activerecord (>= 3.0)
    activesupport (4.2.4)
      i18n (~> 0.7)
      json (~> 1.7, >= 1.7.7)
      minitest (~> 5.1)
      thread_safe (~> 0.3, >= 0.3.4)
      tzinfo (~> 1.1)
    acts-as-taggable-on (2.4.1)
      rails (>= 3, < 5)
    acts_as_list (0.4.0)
      activerecord (>= 3.0)
    addressable (2.3.8)
    airbrake (4.1.0)
      builder
      multi_json
    ancestry (2.0.0)
      activerecord (>= 3.0.0)
    arel (6.0.3)
    asset_sync (0.5.4)
      activemodel
      fog
    auto_html (1.6.4)
      redcarpet (~> 3.1)
      rinku (~> 1.5.0)
    barber (0.9.2)
      ember-source (>= 1.0, < 3)
      execjs (>= 1.2, < 3)
    bcrypt (3.1.10)
    bitmask_attributes (1.0.0)
      activerecord (>= 3.1)
    bootstrap-datetimepicker-rails (0.0.11)
    bootstrap-sass (3.1.0.2)
      sass (~> 3.2)
    bootstrap-sass-rails (3.1.0.0)
      bootstrap-sass (~> 3.1.0.0)
      railties (>= 3.2.0)
      sass-rails (>= 3.2.0)
    bson (3.2.4)
    builder (3.2.2)
    cancan (1.6.10)
    capistrano (3.4.0)
      i18n
      rake (>= 10.0.0)
      sshkit (~> 1.3)
    capistrano-bundler (1.1.4)
      capistrano (~> 3.1)
      sshkit (~> 1.2)
    capistrano-cookbook (0.2.1)
      capistrano (~> 3.2)
    capistrano-rails (1.1.3)
      capistrano (~> 3.1)
      capistrano-bundler (~> 1.1)
    capistrano-rbenv (2.0.3)
      capistrano (~> 3.1)
      sshkit (~> 1.3)
    capistrano_colors (0.5.5)
    capybara (2.5.0)
      mime-types (>= 1.16)
      nokogiri (>= 1.3.3)
      rack (>= 1.0.0)
      rack-test (>= 0.5.4)
      xpath (~> 2.0)
    coffee-rails (4.1.0)
      coffee-script (>= 2.2.0)
      railties (>= 4.0.0, < 5.0)
    coffee-script (2.2.0)
      coffee-script-source
      execjs
    coffee-script-source (1.9.1.1)
    columnize (0.9.0)
    connection_pool (2.2.0)
    countries (0.9.3)
      currencies (~> 0.4.2)
    country_select (1.3.1)
      countries (= 0.9.3)
    crack (0.4.2)
      safe_yaml (~> 1.0.0)
    cucumber (2.0.2)
      builder (>= 2.1.2)
      cucumber-core (~> 1.2.0)
      diff-lcs (>= 1.1.3)
      gherkin (~> 2.12)
      multi_json (>= 1.7.5, < 2.0)
      multi_test (>= 0.1.2)
    cucumber-core (1.2.0)
      gherkin (~> 2.12.0)
    cucumber-rails (1.3.0)
      capybara (>= 1.1.2)
      cucumber (>= 1.1.8)
      nokogiri (>= 1.5.0)
    currencies (0.4.2)
    daemons (1.2.3)
    debugger (1.6.8)
      columnize (>= 0.3.1)
      debugger-linecache (~> 1.2.0)
      debugger-ruby_core_source (~> 1.3.5)
    debugger-linecache (1.2.0)
    debugger-ruby_core_source (1.3.8)
    devise (3.4.1)
      bcrypt (~> 3.0)
      orm_adapter (~> 0.1)
      railties (>= 3.2.6, < 5)
      responders
      thread_safe (~> 0.1)
      warden (~> 1.2.3)
    devise-encryptable (0.2.0)
      devise (>= 2.1.0)
    diff-lcs (1.2.5)
    diffy (3.0.7)
    easy_diff (0.0.6)
    ember-data-source (1.13.8)
      ember-source (>= 1.8, < 3.0)
    ember-handlebars-template (0.4.1)
      barber (>= 0.9.0)
      sprockets (>= 3.3, < 3.4)
    ember-rails (0.19.2)
      active-model-adapter-source (>= 1.13.0)
      active_model_serializers
      ember-data-source (>= 1.13.0)
      ember-handlebars-template (>= 0.1.1, < 1.0)
      ember-source (>= 1.8.0)
      jquery-rails (>= 1.0.17)
      railties (>= 3.1)
    ember-source (1.13.8)
    erubis (2.7.0)
    ethon (0.5.12)
      ffi (>= 1.3.0)
      mime-types (~> 1.18)
    eventmachine (1.0.8)
    excon (0.45.4)
    execjs (2.6.0)
    facebox-rails (0.2.0)
      railties (>= 3.0, < 5.0)
      thor (>= 0.14, < 2.0)
    faker (1.2.0)
      i18n (~> 0.5)
    faraday (0.9.1)
      multipart-post (>= 1.2, < 3)
    faraday_middleware (0.9.2)
      faraday (>= 0.7.4, < 0.10)
    fastercsv (1.5.5)
    ffi (1.9.10)
    fission (0.5.0)
      CFPropertyList (~> 2.2)
    fog (1.33.0)
      fog-atmos
      fog-aws (>= 0.6.0)
      fog-brightbox (~> 0.4)
      fog-core (~> 1.32)
      fog-dynect
      fog-ecloud (= 0.1.1)
      fog-google (>= 0.0.2)
      fog-json
      fog-local
      fog-powerdns (>= 0.1.1)
      fog-profitbricks
      fog-radosgw (>= 0.0.2)
      fog-riakcs
      fog-sakuracloud (>= 0.0.4)
      fog-serverlove
      fog-softlayer
      fog-storm_on_demand
      fog-terremark
      fog-vmfusion
      fog-voxel
      fog-xml (~> 0.1.1)
      ipaddress (~> 0.5)
      nokogiri (~> 1.5, >= 1.5.11)
    fog-atmos (0.1.0)
      fog-core
      fog-xml
    fog-aws (0.7.6)
      fog-core (~> 1.27)
      fog-json (~> 1.0)
      fog-xml (~> 0.1)
      ipaddress (~> 0.8)
    fog-brightbox (0.9.0)
      fog-core (~> 1.22)
      fog-json
      inflecto (~> 0.0.2)
    fog-core (1.32.1)
      builder
      excon (~> 0.45)
      formatador (~> 0.2)
      mime-types
      net-scp (~> 1.1)
      net-ssh (>= 2.1.3)
    fog-dynect (0.0.2)
      fog-core
      fog-json
      fog-xml
    fog-ecloud (0.1.1)
      fog-core
      fog-xml
    fog-google (0.0.7)
      fog-core
      fog-json
      fog-xml
    fog-json (1.0.2)
      fog-core (~> 1.0)
      multi_json (~> 1.10)
    fog-local (0.2.1)
      fog-core (~> 1.27)
    fog-powerdns (0.1.1)
      fog-core (~> 1.27)
      fog-json (~> 1.0)
      fog-xml (~> 0.1)
    fog-profitbricks (0.0.5)
      fog-core
      fog-xml
      nokogiri
    fog-radosgw (0.0.4)
      fog-core (>= 1.21.0)
      fog-json
      fog-xml (>= 0.0.1)
    fog-riakcs (0.1.0)
      fog-core
      fog-json
      fog-xml
    fog-sakuracloud (1.0.1)
      fog-core
      fog-json
    fog-serverlove (0.1.2)
      fog-core
      fog-json
    fog-softlayer (0.4.7)
      fog-core
      fog-json
    fog-storm_on_demand (0.1.1)
      fog-core
      fog-json
    fog-terremark (0.1.0)
      fog-core
      fog-xml
    fog-vmfusion (0.1.0)
      fission
      fog-core
    fog-voxel (0.1.0)
      fog-core
      fog-xml
    fog-xml (0.1.2)
      fog-core
      nokogiri (~> 1.5, >= 1.5.11)
    font-awesome-rails (4.0.3.2)
      railties (>= 3.2, < 5.0)
    foreigner (1.1.6)
      activerecord (>= 3.0.0)
    foreman (0.78.0)
      thor (~> 0.19.1)
    formatador (0.2.5)
    friendly_id (5.0.5)
      activerecord (>= 4.0.0)
    gherkin (2.12.2)
      multi_json (~> 1.3)
    globalid (0.3.6)
      activesupport (>= 4.1.0)
    gon (5.0.4)
      actionpack (>= 2.3.0)
      json
    handlebars_assets (0.20.2)
      execjs (~> 2.0)
      multi_json (~> 1.0)
      sprockets (>= 2.0.0, < 4.0)
      tilt (~> 1.2)
    has_scope (0.5.1)
    hashie (3.4.2)
    http_accept_language (1.0.2)
    httparty (0.13.5)
      json (~> 1.8)
      multi_xml (>= 0.5.2)
    i18n (0.7.0)
    i18n-inflector (2.6.7)
      i18n (>= 0.4.1)
    i18n-inflector-rails (1.0.7)
      actionpack (>= 3.0.0)
      i18n-inflector (~> 2.6)
      railties (>= 3.0.0)
    inflecto (0.0.2)
    ipaddress (0.8.0)
    jasmine-core (2.3.4)
    jquery-rails (2.2.2)
      railties (>= 3.0, < 5.0)
      thor (>= 0.14, < 2.0)
    jquery-ui-bootstrap-rails-asset (0.0.3)
      bootstrap-sass-rails
      railties (>= 3.1.0)
    json (1.8.3)
    jwt (1.5.1)
    kgio (2.9.3)
    koala (1.8.0)
      addressable
      faraday
      multi_json
    libv8 (3.16.14.11)
    linecache (0.46)
      rbx-require-relative (> 0.0.4)
    loofah (2.0.3)
      nokogiri (>= 1.5.9)
    mail (2.6.3)
      mime-types (>= 1.16, < 3)
    message_bus (1.0.16)
      rack (>= 1.1.3)
      redis
    messagebus_ruby_api (1.0.11)
    mime-types (1.25.1)
    mini_portile (0.6.2)
    minitest (5.8.0)
    mongoid (4.0.2)
      activemodel (~> 4.0)
      moped (~> 2.0.0)
      origin (~> 2.1)
      tzinfo (>= 0.3.37)
    mongoid-history (0.4.7)
      activesupport
      easy_diff
      mongoid (>= 3.0)
    mongoid_slug (3.2.1)
      mongoid (> 3.0)
      stringex (~> 2.0)
    moped (2.0.7)
      bson (~> 3.0)
      connection_pool (~> 2.0)
      optionable (~> 0.2.0)
    multi_json (1.11.2)
    multi_test (0.1.2)
    multi_xml (0.5.5)
    multipart-post (2.0.0)
    mysql2 (0.3.20)
    net-scp (1.2.1)
      net-ssh (>= 2.6.5)
    net-ssh (2.7.0)
    netrc (0.10.3)
    nokogiri (1.6.6.2)
      mini_portile (~> 0.6.0)
    oauth (0.4.7)
    oauth2 (1.0.0)
      faraday (>= 0.8, < 0.10)
      jwt (~> 1.0)
      multi_json (~> 1.3)
      multi_xml (~> 0.5)
      rack (~> 1.2)
    omniauth (1.2.2)
      hashie (>= 1.2, < 4)
      rack (~> 1.0)
    omniauth-facebook (2.0.1)
      omniauth-oauth2 (~> 1.2)
    omniauth-google-oauth2 (0.2.6)
      omniauth (> 1.0)
      omniauth-oauth2 (~> 1.1)
    omniauth-lastfm (0.0.6)
      omniauth-oauth (~> 1.0)
      rest-client (>= 1.6.6, < 1.8)
    omniauth-oauth (1.1.0)
      oauth
      omniauth (~> 1.0)
    omniauth-oauth2 (1.3.1)
      oauth2 (~> 1.0)
      omniauth (~> 1.2)
    optionable (0.2.0)
    origin (2.1.1)
    orm_adapter (0.5.0)
    paper_trail (3.0.8)
      activerecord (>= 3.0, < 5.0)
      activesupport (>= 3.0, < 5.0)
    pg (0.17.1)
    phantomjs (1.9.8.0)
    protected_attributes (1.0.9)
      activemodel (>= 4.0.1, < 5.0)
    rack (1.6.4)
    rack-cors (0.2.9)
    rack-google-analytics (0.11.0)
    rack-protection (1.5.3)
      rack
    rack-rewrite (1.2.1)
    rack-ssl (1.3.4)
      rack
    rack-test (0.6.3)
      rack (>= 1.0)
    rails (4.2.4)
      actionmailer (= 4.2.4)
      actionpack (= 4.2.4)
      actionview (= 4.2.4)
      activejob (= 4.2.4)
      activemodel (= 4.2.4)
      activerecord (= 4.2.4)
      activesupport (= 4.2.4)
      bundler (>= 1.3.0, < 2.0)
      railties (= 4.2.4)
      sprockets-rails
    rails-deprecated_sanitizer (1.0.3)
      activesupport (>= 4.2.0.alpha)
    rails-dom-testing (1.0.7)
      activesupport (>= 4.2.0.beta, < 5.0)
      nokogiri (~> 1.6.0)
      rails-deprecated_sanitizer (>= 1.0.1)
    rails-html-sanitizer (1.0.2)
      loofah (~> 2.0)
    rails-i18n (4.0.4)
      i18n (~> 0.6)
      railties (~> 4.0)
    rails_autolink (1.1.6)
      rails (> 3.1)
    railties (4.2.4)
      actionpack (= 4.2.4)
      activesupport (= 4.2.4)
      rake (>= 0.8.7)
      thor (>= 0.18.1, < 2.0)
    raindrops (0.15.0)
    rake (10.4.2)
    rbx-require-relative (0.0.9)
    rdiscount (2.1.8)
    recaptcha (0.4.0)
    redcarpet (3.2.3)
    redis (3.2.1)
    ref (2.0.0)
    remotipart (1.2.1)
    responders (2.1.0)
      railties (>= 4.2.0, < 5)
    rest-client (1.7.3)
      mime-types (>= 1.16, < 3.0)
      netrc (~> 0.7)
    rinku (1.5.1)
    roxml (3.3.1)
      activesupport (>= 2.3.0)
      nokogiri (>= 1.3.3)
    rspec (3.3.0)
      rspec-core (~> 3.3.0)
      rspec-expectations (~> 3.3.0)
      rspec-mocks (~> 3.3.0)
    rspec-core (3.3.2)
      rspec-support (~> 3.3.0)
    rspec-expectations (3.3.1)
      diff-lcs (>= 1.2.0, < 2.0)
      rspec-support (~> 3.3.0)
    rspec-instafail (0.2.6)
      rspec
    rspec-mocks (3.3.2)
      diff-lcs (>= 1.2.0, < 2.0)
      rspec-support (~> 3.3.0)
    rspec-support (3.3.0)
    ruby-debug (0.10.4)
      columnize (>= 0.1)
      ruby-debug-base (~> 0.10.4.0)
    ruby-debug-base (0.10.4)
      linecache (>= 0.3)
    rubyzip (1.1.7)
    safe_yaml (1.0.4)
    sass (3.4.18)
    sass-rails (5.0.4)
      railties (>= 4.0.0, < 5.0)
      sass (~> 3.1)
      sprockets (>= 2.8, < 4.0)
      sprockets-rails (>= 2.0, < 4.0)
      tilt (>= 1.1, < 3)
    selectize-rails (0.12.1)
    simple-navigation (3.11.0)
      activesupport (>= 2.3.2)
    simple-navigation-bootstrap (1.0.2)
      railties (>= 3.1)
      simple-navigation (>= 3.7.0, < 4.0.0)
    simple_form (3.1.1)
      actionpack (~> 4.0)
      activemodel (~> 4.0)
    simplecov (0.7.1)
      multi_json (~> 1.0)
      simplecov-html (~> 0.7.1)
    simplecov-html (0.7.1)
    sinatra (1.4.6)
      rack (~> 1.4)
      rack-protection (~> 1.4)
      tilt (>= 1.3, < 3)
    slim (2.0.3)
      temple (~> 0.6.6)
      tilt (>= 1.3.3, < 2.1)
    spring (1.3.6)
    spring-commands-cucumber (1.0.1)
      spring (>= 0.9.1)
    spring-commands-rspec (1.0.4)
      spring (>= 0.9.1)
    sprockets (3.3.4)
      rack (~> 1.0)
    sprockets-rails (2.3.2)
      actionpack (>= 3.0)
      activesupport (>= 3.0)
      sprockets (>= 2.8, < 4.0)
    sshkit (1.3.0)
      net-scp (>= 1.1.2)
      net-ssh
      term-ansicolor
    state_machine (1.2.0)
    stringex (2.5.2)
    temple (0.6.10)
    term-ansicolor (1.3.2)
      tins (~> 1.0)
    therubyracer (0.12.2)
      libv8 (~> 3.16.14.0)
      ref
    thin (1.3.1)
      daemons (>= 1.0.9)
      eventmachine (>= 0.12.6)
      rack (>= 1.0.0)
    thor (0.19.1)
    thread_safe (0.3.5)
    tilt (1.4.1)
    tins (1.6.0)
    typhoeus (0.5.4)
      ethon (~> 0.5.7)
    tzinfo (1.2.2)
      thread_safe (~> 0.1)
    uglifier (2.4.0)
      execjs (>= 0.3.0)
      json (>= 1.8.0)
    unicorn (4.9.0)
      kgio (~> 2.6)
      rack
      raindrops (~> 0.7)
    versionist (1.2.1)
      rails (>= 3)
      yard (~> 0.7)
    voluntary_feedback (0.1.0)
      voluntary (~> 0.5.2)
      voluntary-ember_js (~> 0.0.3)
    warden (1.2.3)
      rack (>= 1.0)
    webmock (1.8.11)
      addressable (>= 2.2.7)
      crack (>= 0.1.7)
    will_paginate (3.0.7)
    will_paginate_mongoid (2.0.1)
      mongoid
      will_paginate (~> 3.0)
    xml-simple (1.1.5)
    xpath (2.0.0)
      nokogiri (~> 1.3)
    yard (0.8.7.6)
    zip-zip (0.3)
      rubyzip (>= 1.0.0)

PLATFORMS
  ruby

DEPENDENCIES
  acts_as_markup!
  addressable (~> 2.2)
  airbrake (~> 4.1.0)
  asset_sync (~> 0.5.0)
  bundler (> 1.1.0)
  capistrano-bundler (~> 1.1.4)
  capistrano-cookbook (~> 0.2.1)
  capistrano-rails (~> 1.1.2)
  capistrano-rbenv (~> 2.0.3)
  capistrano_colors (~> 0.5.5)
  cucumber-rails (~> 1.3.0)
  debugger
  fastercsv (~> 1.5.5)
  jasmine!
  lastfm!
  linecache (= 0.46)
  musicbrainz!
  mysql2 (~> 0.3.13)
  net-ssh (= 2.7.0)
  rack-cors (~> 0.2.4)
  rack-google-analytics (~> 0.11.0)
  rack-rewrite (~> 1.2.1)
  rack-ssl (~> 1.3.3)
  recaptcha
  rspec-instafail (~> 0.2.4)
  ruby-debug (~> 0.10.4)
  settingslogic!
  simplecov (~> 0.7.1)
  sinatra
  spring (~> 1.3.4)
  spring-commands-cucumber (~> 1.0.1)
  spring-commands-rspec (~> 1.0.4)
  therubyracer (~> 0.12.0)
  thin (~> 1.3.1)
  unicorn
  voluntary!
  voluntary-ember_js!
  voluntary_brainstorming!
  voluntary_classified_advertisement!
  voluntary_feedback (~> 0.1.0)
  voluntary_music_metadata_enrichment!
  voluntary_ranking!
  voluntary_recruiting!
  voluntary_scholarship!
  voluntary_text_creation!
  voluntary_translation!
  webmock (~> 1.8.11)
  yard (~> 0.7)

BUNDLED WITH
   1.10.4
